PATH
  remote: .
  specs:
    mao (0.0.4)
      pg (~> 0.14.0)

GEM
  remote: https://rubygems.org/
  specs:
    diff-lcs (1.1.3)
    pg (0.14.1)
    rake (0.9.2.2)
    rspec (2.11.0)
      rspec-core (~> 2.11.0)
      rspec-expectations (~> 2.11.0)
      rspec-mocks (~> 2.11.0)
    rspec-core (2.11.1)
    rspec-expectations (2.11.3)
      diff-lcs (~> 1.1.3)
    rspec-mocks (2.11.3)

PLATFORMS
  ruby

DEPENDENCIES
  mao!
  rake
  rspec
