PATH
  remote: .
  specs:
    norm (0.0.1)
      pg

GEM
  remote: https://rubygems.org/
  specs:
    pg (0.14.1)
    rake (0.9.2.2)

PLATFORMS
  ruby

DEPENDENCIES
  norm!
  rake
